GEM
  remote: https://rubygems.org/
  specs:
    CFPropertyList (2.2.8)
    addressable (2.3.6)
    albacore (2.0.0)
      map (~> 6.5)
      nokogiri (~> 1.5)
      rake (> 10)
      semver2 (~> 3.4)
    arr-pm (0.0.9)
      cabin (> 0)
    backports (3.6.0)
    cabin (0.6.1)
    childprocess (0.5.3)
      ffi (~> 1.0, >= 1.0.11)
    clamp (0.6.3)
    facter (2.1.0)
      CFPropertyList (~> 2.2.6)
    ffi (1.9.3)
    fpm (1.2.0)
      arr-pm (~> 0.0.9)
      backports (>= 2.6.2)
      cabin (>= 0.6.0)
      childprocess
      clamp (~> 0.6)
      ffi
      json (>= 1.7.7)
    fpm-cookery (0.25.0)
      addressable
      facter
      fpm (~> 1.1)
      puppet (>= 3.4.3)
      systemu
    hiera (1.3.4)
      json_pure
    json (1.8.1)
    json_pure (1.8.1)
    map (6.5.4)
    mini_portile (0.6.0)
    net-ssh (2.8.0)
    nokogiri (1.6.3.1)
      mini_portile (= 0.6.0)
    puppet (3.6.2)
      facter (> 1.6, < 3)
      hiera (~> 1.0)
      json_pure
      rgen (~> 0.6.5)
    rake (10.1.1)
    rgen (0.6.6)
    semver2 (3.4.0)
    systemu (2.6.4)

PLATFORMS
  ruby

DEPENDENCIES
  albacore (~> 2.0)
  fpm-cookery
  net-ssh
  rake
